PATH
  remote: .
  specs:
    ruco (0.2.18)
      clipboard (>= 0.9.8)
      dispel
      language_sniffer
      textpow (>= 1.3.0)

GEM
  remote: https://rubygems.org/
  specs:
    bump (0.3.9)
    clipboard (1.0.5)
    diff-lcs (1.1.3)
    dispel (0.0.3)
    language_sniffer (1.0.2)
    oniguruma (1.1.0)
    plist (3.1.0)
    rake (0.9.2.2)
    rspec (2.12.0)
      rspec-core (~> 2.12.0)
      rspec-expectations (~> 2.12.0)
      rspec-mocks (~> 2.12.0)
    rspec-core (2.12.2)
    rspec-expectations (2.12.1)
      diff-lcs (~> 1.1.3)
    rspec-mocks (2.12.2)
    textpow (1.3.1)
      plist (>= 3.0.1)

PLATFORMS
  ruby

DEPENDENCIES
  bump
  ffi
  oniguruma
  rake
  rspec (~> 2)
  ruco!
