GEM
  remote: http://rubygems.org/
  specs:
    clipboard (0.9.8)
    diff-lcs (1.1.2)
    git (1.2.5)
    jeweler (1.6.4)
      bundler (~> 1.0)
      git (>= 1.2.5)
      rake
    language_sniffer (1.0.0)
    oniguruma (1.1.0)
    plist (3.1.0)
    rake (0.9.2.2)
    rspec (2.6.0)
      rspec-core (~> 2.6.0)
      rspec-expectations (~> 2.6.0)
      rspec-mocks (~> 2.6.0)
    rspec-core (2.6.4)
    rspec-expectations (2.6.0)
      diff-lcs (~> 1.1.2)
    rspec-mocks (2.6.0)
    textpow1x (1.2.5)
      plist (>= 3.0.1)

PLATFORMS
  ruby

DEPENDENCIES
  clipboard (>= 0.9.8)
  ffi
  jeweler
  language_sniffer
  oniguruma
  rake
  rspec (~> 2)
  textpow1x (>= 1.2.5)
