PATH
  remote: .
  specs:
    ruco (0.2.16)
      clipboard (>= 0.9.8)
      language_sniffer
      textpow1x (>= 1.2.5)

GEM
  remote: http://rubygems.org/
  specs:
    clipboard (1.0.1)
    diff-lcs (1.1.2)
    language_sniffer (1.0.1)
    oniguruma (1.1.0)
    plist (3.1.0)
    rake (0.9.2.2)
    rspec (2.6.0)
      rspec-core (~> 2.6.0)
      rspec-expectations (~> 2.6.0)
      rspec-mocks (~> 2.6.0)
    rspec-core (2.6.4)
    rspec-expectations (2.6.0)
      diff-lcs (~> 1.1.2)
    rspec-mocks (2.6.0)
    textpow1x (1.2.5)
      plist (>= 3.0.1)

PLATFORMS
  ruby

DEPENDENCIES
  ffi
  oniguruma
  rake
  rspec (~> 2)
  ruco!
